GIT
  remote: git://github.com/rkumar/rbcurse-core.git
  revision: 0d91c52780f967bfebf9c83772fefa42963a94b8
  specs:
    rbcurse-core (0.0.3)
      ffi-ncurses (>= 0.4.0)

PATH
  remote: .
  specs:
    netatlas-poller (0.0.1)
      active_support
      amqp (= 0.7.4)
      daemons
      eventmachine (~> 1.0.0.beta.4)
      faraday
      faraday_middleware
      gli (= 2.0.0.rc4)

PATH
  remote: /Users/rmcclain/Projects/netatlas-client
  specs:
    netatlas-client (0.0.1)
      activesupport
      command_line_reporter
      faraday
      faraday_middleware
      gli (= 2.0.0.rc4)
      i18n
      json

GEM
  remote: https://rubygems.org/
  specs:
    active_support (3.0.0)
      activesupport (= 3.0.0)
    activesupport (3.0.0)
    amqp (0.7.4)
      eventmachine
    aruba (0.4.11)
      childprocess (>= 0.2.3)
      cucumber (>= 1.1.1)
      ffi (>= 1.0.11)
      rspec (>= 2.7.0)
    binding_of_caller (0.6.8)
    builder (3.1.3)
    childprocess (0.3.5)
      ffi (~> 1.0, >= 1.0.6)
    coderay (1.0.7)
    colored (1.2)
    columnize (0.3.6)
    command_line_reporter (3.2.1)
      colored (>= 1.2)
    cucumber (1.2.1)
      builder (>= 2.1.2)
      diff-lcs (>= 1.1.3)
      gherkin (~> 2.11.0)
      json (>= 1.4.6)
    daemons (1.1.9)
    database_cleaner (0.8.0)
    debugger (1.1.4)
      columnize (>= 0.3.1)
      debugger-linecache (~> 1.1.1)
      debugger-ruby_core_source (~> 1.1.3)
    debugger-linecache (1.1.2)
      debugger-ruby_core_source (>= 1.1.1)
    debugger-ruby_core_source (1.1.3)
    diff-lcs (1.1.3)
    evented-spec (0.9.0)
    eventmachine (1.0.0)
    fabrication (2.2.3)
    fakeweb (1.3.0)
    faraday (0.8.4)
      multipart-post (~> 1.1)
    faraday_middleware (0.8.8)
      faraday (>= 0.7.4, < 0.9)
    ffi (1.1.5)
    ffi-inliner (0.2.4)
      ffi (>= 0.4.0)
    ffi-locale (1.0.1)
      ffi (>= 1.0.9)
    ffi-ncurses (0.4.0)
      ffi (>= 1.0.9)
      ffi-locale (>= 1.0.0)
    gherkin (2.11.2)
      json (>= 1.4.6)
    gli (2.0.0.rc4)
    guard (1.4.0)
      listen (>= 0.4.2)
      thor (>= 0.14.6)
    guard-ctags-bundler (0.1.6)
      guard (>= 1.1)
    guard-rspec (2.0.0)
      guard (>= 1.1)
      rspec (~> 2.11)
    i18n (0.6.1)
    json (1.7.5)
    listen (0.5.2)
    method_source (0.8)
    multi_json (1.3.6)
    multipart-post (1.1.5)
    net-snmp (0.2.5)
      ffi-inliner
      nice-ffi
    nice-ffi (0.4)
      ffi (>= 0.5.0)
    pg (0.14.1)
    pry (0.9.10)
      coderay (~> 1.0.5)
      method_source (~> 0.8)
      slop (~> 3.3.1)
    pry-debugger (0.2.0)
      debugger (~> 1.1.3)
      pry (~> 0.9.9)
    pry-remote (0.1.6)
      pry (~> 0.9)
      slop (~> 3.0)
    pry-stack_explorer (0.4.6)
      binding_of_caller (~> 0.6.2)
    rake (0.9.2.2)
    rb-fsevent (0.9.2)
    rdoc (3.12)
      json (~> 1.4)
    rspec (2.11.0)
      rspec-core (~> 2.11.0)
      rspec-expectations (~> 2.11.0)
      rspec-mocks (~> 2.11.0)
    rspec-core (2.11.1)
    rspec-expectations (2.11.3)
      diff-lcs (~> 1.1.3)
    rspec-mocks (2.11.3)
    sequel (3.40.0)
    simplecov (0.6.4)
      multi_json (~> 1.0)
      simplecov-html (~> 0.5.3)
    simplecov-html (0.5.3)
    slop (3.3.3)
    thor (0.16.0)
    vcr (2.2.5)

PLATFORMS
  ruby

DEPENDENCIES
  aruba
  command_line_reporter
  database_cleaner
  evented-spec
  fabrication
  fakeweb
  guard
  guard-ctags-bundler
  guard-rspec
  net-snmp
  netatlas-client!
  netatlas-poller!
  pg
  pry
  pry-debugger
  pry-remote
  pry-stack_explorer
  rake
  rb-fsevent
  rbcurse-core!
  rdoc
  rspec
  sequel
  simplecov
  vcr
